GIT
  remote: git://github.com/lotus/lotus.git
  revision: 41d1fe8624b5f26c111cc019283602fedc8fd237
  specs:
    lotusrb (0.1.0)
      lotus-controller (~> 0.2)
      lotus-router (~> 0.1, >= 0.1.1)
      lotus-utils (~> 0.2)
      lotus-view (~> 0.2)
      thor (= 0.19.1)

GIT
  remote: git://github.com/lotus/model.git
  revision: 56eb7afb9e0129cf38cde909ab4a125442f0330a
  specs:
    lotus-model (0.1.2)
      lotus-utils (~> 0.2)
      sequel (~> 4.9)

GEM
  remote: https://rubygems.org/
  specs:
    http_router (0.11.1)
      rack (>= 1.0.0)
      url_mount (~> 0.2.1)
    lotus-controller (0.2.0)
      lotus-utils (~> 0.2)
      rack (~> 1.5)
    lotus-router (0.1.1)
      http_router (~> 0)
      lotus-utils (~> 0)
    lotus-utils (0.2.0)
    lotus-view (0.2.0)
      lotus-utils (~> 0.2)
      tilt (~> 2.0, >= 2.0.1)
    mina (0.3.0)
      open4
      rake
    oj (2.10.1)
    open4 (1.3.4)
    powify (0.9.1)
    puma (2.9.0)
      rack (>= 1.1, < 2.0)
    rack (1.5.2)
    rake (10.3.2)
    sequel (4.13.0)
    sqlite3 (1.3.9)
    thor (0.19.1)
    tilt (2.0.1)
    url_mount (0.2.1)
      rack

PLATFORMS
  ruby

DEPENDENCIES
  lotus-model!
  lotusrb!
  mina (~> 0.3)
  oj (~> 2.9)
  powify (~> 0.9)
  puma (~> 2.9)
  rake (~> 10.3)
  sqlite3 (~> 1.3)
